GIT
  remote: git://github.com/kschiess/parslet.git
  revision: 2deeb870a0305100f95d43501c4f6790b3ed5ba9
  specs:
    parslet (1.7.0)
      blankslate (>= 2.0, <= 4.0)

GEM
  remote: https://rubygems.org/
  specs:
    blankslate (3.1.3)
    coderay (1.1.0)
    method_source (0.8.2)
    pry (0.10.1)
      coderay (~> 1.1.0)
      method_source (~> 0.8.1)
      slop (~> 3.4)
    slop (3.6.0)

PLATFORMS
  ruby

DEPENDENCIES
  parslet!
  pry
