GIT
  remote: git://github.com/kschiess/parslet.git
  revision: 2deeb870a0305100f95d43501c4f6790b3ed5ba9
  specs:
    parslet (1.7.0)
      blankslate (>= 2.0, <= 4.0)

GEM
  remote: https://rubygems.org/
  specs:
    blankslate (3.1.3)

PLATFORMS
  ruby

DEPENDENCIES
  parslet!
